GEM
  remote: https://rubygems.org/
  specs:
    addressable (2.5.0)
      public_suffix (~> 2.0, >= 2.0.2)
    daemons (1.2.4)
    eventmachine (1.2.0.1-x64-mingw32)
    glorify (0.5.0)
      nokogiri
      rdoc-rouge
      sinatra
    haml (4.0.7)
      tilt
    mini_portile2 (2.1.0)
    nokogiri (1.6.8.1-x64-mingw32)
      mini_portile2 (~> 2.1.0)
    public_suffix (2.0.4)
    puma (3.6.0)
    rack (1.6.5)
    rack-protection (1.5.3)
      rack
    rdoc (4.3.0)
    rdoc-rouge (0.1.0)
      rdoc (~> 4.0)
      rouge (~> 0.3.0)
    rouge (0.3.10)
      thor
    sinatra (1.4.7)
      rack (~> 1.5)
      rack-protection (~> 1.4)
      tilt (>= 1.3, < 3)
    thin (1.7.0)
      daemons (~> 1.0, >= 1.0.9)
      eventmachine (~> 1.0, >= 1.0.4)
      rack (>= 1, < 3)
    thor (0.19.1)
    tilt (2.0.5)

PLATFORMS
  x64-mingw32

DEPENDENCIES
  addressable
  glorify
  haml
  puma
  sinatra
  thin

RUBY VERSION
   ruby 2.3.1p112

BUNDLED WITH
   1.13.2
